GIT
  remote: http://github.com/rmagick/rmagick.git
  revision: 79e1708c7f6792a3a90cb8cb3ffaeb74c58e092e
  specs:
    rmagick (2.13.2)

GEM
  remote: http://rubygems.org/
  specs:
    addressable (2.3.5)
    atomic (1.1.14)
    buftok (0.2.0)
    configuration (1.3.2)
    descendants_tracker (0.0.3)
    engtagger (0.1.2)
    equalizer (0.0.9)
    faraday (0.9.0)
      multipart-post (>= 1.2, < 3)
    google-search (1.0.3)
      json
    http (0.5.0)
      http_parser.rb
    http_parser.rb (0.6.0)
    json (1.8.1)
    launchy (2.1.2)
      addressable (~> 2.3)
    memoizable (0.4.0)
      thread_safe (~> 0.1.3)
    multi_json (1.8.4)
    multipart-post (2.0.0)
    naught (1.0.0)
    promise (0.3.0)
    rack (1.5.2)
    rack-protection (1.5.2)
      rack
    rake (10.1.0)
    simple_oauth (0.2.0)
    sinatra (1.4.4)
      rack (~> 1.4)
      rack-protection (~> 1.4)
      tilt (~> 1.3, >= 1.3.4)
    thor (0.18.1)
    thread_safe (0.1.3)
      atomic
    tilt (1.4.1)
    tumblr-rb (2.1.1)
      launchy (~> 2.1.2)
      sinatra (~> 1.4.0)
      thor (~> 0.18.0)
      weary (~> 1.1.0)
    twitter (5.6.0)
      addressable (~> 2.3)
      buftok (~> 0.2.0)
      descendants_tracker (~> 0.0.3)
      equalizer (~> 0.0.9)
      faraday (~> 0.9.0)
      http (~> 0.5.0)
      http_parser.rb (~> 0.6.0)
      json (~> 1.8)
      memoizable (~> 0.4.0)
      naught (~> 1.0)
      simple_oauth (~> 0.2.0)
    weary (1.1.3)
      addressable (~> 2.3)
      multi_json (~> 1.7)
      promise (~> 0.3.0)
      rack (~> 1.5)
      simple_oauth (~> 0.2)

PLATFORMS
  ruby

DEPENDENCIES
  configuration
  engtagger
  google-search
  rake
  rmagick (= 2.13.2)!
  tumblr-rb
  twitter
